PATH
  remote: .
  specs:
    rulut (0.1.0)
      treetop (~> 1.6.10)

GEM
  remote: https://rubygems.org/
  specs:
    coderay (1.1.2)
    diff-lcs (1.3)
    method_source (0.9.2)
    polyglot (0.3.5)
    pry (0.12.2)
      coderay (~> 1.1.0)
      method_source (~> 0.9.0)
    rake (10.5.0)
    rspec (3.8.0)
      rspec-core (~> 3.8.0)
      rspec-expectations (~> 3.8.0)
      rspec-mocks (~> 3.8.0)
    rspec-core (3.8.2)
      rspec-support (~> 3.8.0)
    rspec-expectations (3.8.4)
      diff-lcs (>= 1.2.0, < 2.0)
      rspec-support (~> 3.8.0)
    rspec-mocks (3.8.1)
      diff-lcs (>= 1.2.0, < 2.0)
      rspec-support (~> 3.8.0)
    rspec-support (3.8.2)
    treetop (1.6.10)
      polyglot (~> 0.3)

PLATFORMS
  ruby

DEPENDENCIES
  bundler (~> 1.16)
  pry
  rake (~> 10.0)
  rspec (~> 3.0)
  rulut!

BUNDLED WITH
   1.16.6
